GEM
  remote: https://rubygems.org/
  specs:
    i3ipc (0.2.0)
    ruby-dbus (0.11.1)

PLATFORMS
  ruby

DEPENDENCIES
  i3ipc
  ruby-dbus

BUNDLED WITH
   1.11.2
